PATH
  remote: .
  specs:
    pdf-extract-pg (0.1.1)
      commander (>= 4.0.4)
      json (>= 1.5.1)
      nokogiri (>= 1.5.0)
      pdf-reader (= 1.3.3)
      pg
      prawn (>= 0.11.1)
      rb-libsvm (>= 1.1.3)

GEM
  remote: https://rubygems.org/
  specs:
    Ascii85 (1.0.3)
    afm (0.2.2)
    bson (1.9.2)
    bson_ext (1.9.2)
      bson (~> 1.9.2)
    commander (4.4.4)
      highline (~> 1.7.2)
    hashery (2.1.2)
    highline (1.7.10)
    json (2.1.0)
    mini_portile2 (2.3.0)
    mongo (1.9.2)
      bson (~> 1.9.2)
    nokogiri (1.8.2)
      mini_portile2 (~> 2.3.0)
    pdf-core (0.7.0)
    pdf-reader (1.3.3)
      Ascii85 (~> 1.0.0)
      afm (~> 0.2.0)
      hashery (~> 2.0)
      ruby-rc4
      ttfunk
    pg (1.0.0)
    prawn (2.2.2)
      pdf-core (~> 0.7.0)
      ttfunk (~> 1.5)
    rake (10.1.0)
    rb-libsvm (1.4.0)
    ruby-rc4 (0.1.5)
    ttfunk (1.5.1)

PLATFORMS
  ruby

DEPENDENCIES
  bson_ext (>= 1.9.2)
  mongo (>= 1.9.2)
  pdf-extract-pg!
  rake (>= 10.1.0)

BUNDLED WITH
   1.16.1
